GEM
  remote: https://rubygems.org/
  specs:
    adsf (1.2.1)
      rack (>= 1.0.0)
    bourbon (4.3.4)
      sass (~> 3.4)
      thor (~> 0.19)
    builder (3.2.3)
    coderay (1.1.1)
    colored (1.2)
    concurrent-ruby (1.0.5)
    cri (2.8.0)
      colored (~> 1.2)
    ddplugin (1.0.1)
    hamster (3.0.0)
      concurrent-ruby (~> 1.0)
    kramdown (1.13.2)
    mini_portile2 (2.1.0)
    nanoc (4.7.8)
      cri (~> 2.8)
      ddplugin (~> 1.0)
      hamster (~> 3.0)
      ref (~> 2.0)
    neat (2.0.0)
      sass (~> 3.4)
      thor (~> 0.19)
    nokogiri (1.7.1)
      mini_portile2 (~> 2.1.0)
    rack (2.0.1)
    ref (2.0.0)
    sass (3.4.24)
    thor (0.19.4)

PLATFORMS
  ruby

DEPENDENCIES
  adsf
  bourbon
  builder
  coderay
  kramdown
  nanoc (= 4.7.8)
  neat
  nokogiri
  sass

BUNDLED WITH
   1.14.6
